GEM
  remote: http://rubygems.org/
  specs:
    liquid (2.3.0)
    mustache (0.99.4)
    oa-core (0.2.5)
    oa-openid (0.2.5)
      oa-core (= 0.2.5)
      rack-openid (~> 1.3.1)
      ruby-openid-apps-discovery (~> 1.2.0)
    rack (1.2.2)
    rack-contrib (1.0.1)
      rack (>= 0.9.1)
    rack-openid (1.3.1)
      rack (>= 1.1.0)
      ruby-openid (>= 2.1.8)
    ruby-openid (2.1.8)
    ruby-openid-apps-discovery (1.2.0)
      ruby-openid (>= 2.1.7)
    sinatra (1.2.7)
      rack (~> 1.1)
      tilt (>= 1.2.2, < 2.0)
    tilt (1.3.3)
    yard (0.6.8)

PLATFORMS
  ruby

DEPENDENCIES
  liquid
  mustache
  oa-core
  oa-openid
  rack-contrib (~> 1.0.1)
  rack-openid
  ruby-openid
  sinatra
  yard
