GEM
  remote: http://rubygems.org/
  specs:
    liquid (2.3.0)
    oa-core (0.3.2)
    oa-openid (0.3.2)
      oa-core (= 0.3.2)
      rack-openid (~> 1.3.1)
      ruby-openid-apps-discovery (~> 1.2.0)
    rack (1.3.5)
    rack-contrib (1.0.1)
      rack (>= 0.9.1)
    rack-openid (1.3.1)
      rack (>= 1.1.0)
      ruby-openid (>= 2.1.8)
    rack-protection (1.1.4)
      rack
    ruby-openid (2.1.8)
    ruby-openid-apps-discovery (1.2.0)
      ruby-openid (>= 2.1.7)
    sinatra (1.3.1)
      rack (~> 1.3, >= 1.3.4)
      rack-protection (~> 1.1, >= 1.1.2)
      tilt (~> 1.3, >= 1.3.3)
    tilt (1.3.3)
    yard (0.7.3)

PLATFORMS
  ruby

DEPENDENCIES
  liquid
  oa-core
  oa-openid
  rack-contrib (~> 1.0.1)
  rack-openid
  ruby-openid
  sinatra
  yard
